PATH
  remote: .
  specs:
    gerouter (0.0.6)
      amqp
      em-ssh
      eventmachine

GEM
  remote: https://rubygems.org/
  specs:
    amq-client (1.0.0)
      amq-protocol (>= 1.2.0)
      eventmachine
    amq-protocol (1.3.0)
    amqp (1.0.1)
      amq-client (~> 1.0.0)
      amq-protocol (>= 1.3.0)
      eventmachine
    em-ssh (0.5.0)
      eventmachine
      net-ssh
    eventmachine (1.0.3)
    net-ssh (2.6.7)

PLATFORMS
  ruby

DEPENDENCIES
  gerouter!
