PATH
  remote: .
  specs:
    gerouter (0.1.1)
      amqp
      em-ssh
      eventmachine

GEM
  remote: https://rubygems.org/
  specs:
    amq-protocol (1.9.2)
    amqp (1.2.0)
      amq-protocol (>= 1.9.2)
      eventmachine
    em-ssh (0.6.5)
      eventmachine
      net-ssh
    eventmachine (1.0.3)
    net-ssh (2.7.0)

PLATFORMS
  ruby

DEPENDENCIES
  gerouter!
