PATH
  remote: .
  specs:
    gerouter (0.0.3)
      amqp
      em-ssh
      eventmachine

GEM
  remote: http://rubygems.org/
  specs:
    amq-client (0.9.12)
      amq-protocol (>= 1.2.0)
      eventmachine
    amq-protocol (1.2.0)
    amqp (0.9.9)
      amq-client (~> 0.9.12)
      amq-protocol (~> 1.2.0)
      eventmachine
    em-ssh (0.4.3)
      eventmachine
      net-ssh
    eventmachine (1.0.0)
    net-ssh (2.6.5)

PLATFORMS
  ruby

DEPENDENCIES
  gerouter!
