PATH
  remote: .
  specs:
    gerouter (0.0.1)
      amqp
      em-ssh
      eventmachine

GEM
  remote: http://rubygems.org/
  specs:
    amq-client (0.9.11)
      amq-protocol (>= 1.0.1)
      eventmachine
    amq-protocol (1.1.0)
    amqp (0.9.8)
      amq-client (~> 0.9.5)
      amq-protocol (>= 0.9.4)
      eventmachine
    em-ssh (0.4.3)
      eventmachine
      net-ssh
    eventmachine (1.0.0)
    net-ssh (2.6.5)

PLATFORMS
  ruby

DEPENDENCIES
  gerouter!
